PATH
  remote: .
  specs:
    steep (1.1.0)
      activesupport (>= 5.1)
      language_server-protocol (>= 3.15, < 3.18)
      listen (~> 3.0)
      parallel (>= 1.0.0)
      parser (>= 3.1)
      rainbow (>= 2.2.2, < 4.0)
      rbs (>= 2.3.2)
      terminal-table (>= 2, < 4)

GEM
  remote: https://rubygems.org/
  specs:
    activesupport (7.0.3.1)
      concurrent-ruby (~> 1.0, >= 1.0.2)
      i18n (>= 1.6, < 2)
      minitest (>= 5.1)
      tzinfo (~> 2.0)
    ast (2.4.2)
    concurrent-ruby (1.1.10)
    debase (0.2.5.beta2)
      debase-ruby_core_source (>= 0.10.12)
    debase-ruby_core_source (0.10.16)
    ffi (1.15.5)
    i18n (1.12.0)
      concurrent-ruby (~> 1.0)
    language_server-protocol (3.17.0.0)
    listen (3.7.1)
      rb-fsevent (~> 0.10, >= 0.10.3)
      rb-inotify (~> 0.9, >= 0.9.10)
    minitest (5.16.2)
    minitest-hooks (1.5.0)
      minitest (> 5.3)
    minitest-slow_test (0.2.0)
      minitest (>= 5.0)
    parallel (1.22.1)
    parser (3.1.2.0)
      ast (~> 2.4.1)
    rainbow (3.1.1)
    rake (13.0.6)
    rb-fsevent (0.11.1)
    rb-inotify (0.10.1)
      ffi (~> 1.0)
    rbs (2.5.1)
    ruby-debug-ide (0.7.3)
      rake (>= 0.8.1)
    stackprof (0.2.20)
    terminal-table (3.0.2)
      unicode-display_width (>= 1.1.1, < 3)
    tzinfo (2.0.5)
      concurrent-ruby (~> 1.0)
    unicode-display_width (2.2.0)

PLATFORMS
  ruby

DEPENDENCIES
  debase (>= 0.2.5.beta2)
  minitest (~> 5.16)
  minitest-hooks
  minitest-slow_test
  rake
  rbs (~> 2.5.1)
  ruby-debug-ide
  stackprof
  steep!

BUNDLED WITH
   2.3.8
